GIT
  remote: https://github.com/eventmachine/eventmachine.git
  revision: 10fb0c47c9a030b716dacd4a8df7e34b2445169b
  specs:
    eventmachine (1.3.0.dev.1)

GEM
  remote: https://rubygems.org/
  specs:
    daemons (1.2.3)
    haml (4.0.7)
      tilt
    maxitest (1.5.4)
      minitest (>= 5.0.0, < 5.9.0)
    minitest (5.8.3)
    mustermann (2.0.2)
      ruby2_keywords (~> 0.0.1)
    rack (2.2.4)
    rack-protection (2.2.3)
      rack
    rack-test (2.0.2)
      rack (>= 1.3)
    rake (10.4.2)
    ruby2_keywords (0.0.5)
    sinatra (2.2.3)
      mustermann (~> 2.0)
      rack (~> 2.2)
      rack-protection (= 2.2.3)
      tilt (~> 2.0)
    sinatra-respond_to (0.4.0)
      sinatra (>= 0.9.4)
    thin (1.8.1)
      daemons (~> 1.0, >= 1.0.9)
      eventmachine (~> 1.0, >= 1.0.4)
      rack (>= 1, < 3)
    tilt (2.0.11)

PLATFORMS
  ruby

DEPENDENCIES
  eventmachine!
  haml
  maxitest
  minitest
  rack-test
  rake
  sinatra
  sinatra-respond_to
  thin

RUBY VERSION
   ruby 2.7.0p0

BUNDLED WITH
   2.1.2
