GIT
  remote: https://github.com/eventmachine/eventmachine.git
  revision: 10fb0c47c9a030b716dacd4a8df7e34b2445169b
  specs:
    eventmachine (1.3.0.dev.1)

GEM
  remote: https://rubygems.org/
  specs:
    daemons (1.2.3)
    haml (5.0.0)
      temple (>= 0.8.0)
      tilt
    maxitest (1.5.4)
      minitest (>= 5.0.0, < 5.9.0)
    minitest (5.8.3)
    rack (1.6.4)
    rack-protection (1.5.3)
      rack
    rack-test (0.6.3)
      rack (>= 1.0)
    rake (10.4.2)
    sinatra (1.4.6)
      rack (~> 1.4)
      rack-protection (~> 1.4)
      tilt (>= 1.3, < 3)
    sinatra-respond_to (0.9.0)
      sinatra (~> 1.3)
    temple (0.8.2)
    thin (1.6.4)
      daemons (~> 1.0, >= 1.0.9)
      eventmachine (~> 1.0, >= 1.0.4)
      rack (~> 1.0)
    tilt (2.0.10)

PLATFORMS
  ruby

DEPENDENCIES
  eventmachine!
  haml
  maxitest
  minitest
  rack-test
  rake
  sinatra
  sinatra-respond_to
  thin

RUBY VERSION
   ruby 2.7.0p0

BUNDLED WITH
   2.1.2
