GIT
  remote: git://github.com/eventmachine/eventmachine.git
  revision: 5baf256cbe0d9abdb6d695a7cb217f06dc824dd3
  specs:
    eventmachine (1.0.7)

GEM
  remote: https://rubygems.org/
  specs:
    daemons (1.2.3)
    haml (4.0.6)
      tilt
    maxitest (1.5.1)
      minitest (>= 5.0.0, < 5.8.0)
    minitest (5.7.0)
    rack (1.6.4)
    rack-protection (1.5.3)
      rack
    rack-test (0.6.3)
      rack (>= 1.0)
    rake (10.4.2)
    sinatra (1.4.6)
      rack (~> 1.4)
      rack-protection (~> 1.4)
      tilt (>= 1.3, < 3)
    sinatra-respond_to (0.9.0)
      sinatra (~> 1.3)
    thin (1.6.3)
      daemons (~> 1.0, >= 1.0.9)
      eventmachine (~> 1.0)
      rack (~> 1.0)
    tilt (2.0.1)

PLATFORMS
  ruby

DEPENDENCIES
  eventmachine!
  haml
  maxitest
  minitest
  rack-test
  rake
  sinatra
  sinatra-respond_to
  thin
