GIT
  remote: git://github.com/eventmachine/eventmachine.git
  revision: 487305151d1f5441b597400fa8d062361e2d86b2
  specs:
    eventmachine (1.0.4)

GEM
  remote: https://rubygems.org/
  specs:
    daemons (1.1.9)
    haml (4.0.6)
      tilt
    maxitest (1.1.2)
      minitest (>= 5.0.0, < 5.5.0)
    minitest (5.4.3)
    rack (1.6.0)
    rack-protection (1.5.3)
      rack
    rack-test (0.6.3)
      rack (>= 1.0)
    rake (10.4.2)
    sinatra (1.4.5)
      rack (~> 1.4)
      rack-protection (~> 1.4)
      tilt (~> 1.3, >= 1.3.4)
    sinatra-respond_to (0.9.0)
      sinatra (~> 1.3)
    thin (1.6.3)
      daemons (~> 1.0, >= 1.0.9)
      eventmachine (~> 1.0)
      rack (~> 1.0)
    tilt (1.4.1)

PLATFORMS
  ruby

DEPENDENCIES
  eventmachine!
  haml
  maxitest
  minitest
  rack-test
  rake
  sinatra
  sinatra-respond_to
  thin
