GIT
  remote: git://github.com/eventmachine/eventmachine.git
  revision: 4d53154a9ea420cdc65bf8985b9156ad4c3730c9
  specs:
    eventmachine (1.0.3)

GEM
  remote: https://rubygems.org/
  specs:
    daemons (1.1.9)
    haml (4.0.5)
      tilt
    rack (1.5.2)
    rack-protection (1.5.3)
      rack
    sinatra (1.4.5)
      rack (~> 1.4)
      rack-protection (~> 1.4)
      tilt (~> 1.3, >= 1.3.4)
    sinatra-respond_to (0.9.0)
      sinatra (~> 1.3)
    thin (1.6.2)
      daemons (>= 1.0.9)
      eventmachine (>= 1.0.0)
      rack (>= 1.0.0)
    tilt (1.4.1)

PLATFORMS
  ruby

DEPENDENCIES
  eventmachine!
  haml
  sinatra
  sinatra-respond_to
  thin
