GIT
  remote: git://github.com/eventmachine/eventmachine.git
  revision: 2794ccd08d04f2d03accc9204727cc0ccdf119bc
  specs:
    eventmachine (1.0.3)

GEM
  remote: https://rubygems.org/
  specs:
    daemons (1.1.9)
    haml (4.0.5)
      tilt
    rack (1.5.2)
    rack-protection (1.5.3)
      rack
    sinatra (1.4.5)
      rack (~> 1.4)
      rack-protection (~> 1.4)
      tilt (~> 1.3, >= 1.3.4)
    sinatra-respond_to (0.9.0)
      sinatra (~> 1.3)
    thin (1.6.3)
      daemons (~> 1.0, >= 1.0.9)
      eventmachine (~> 1.0)
      rack (~> 1.0)
    tilt (1.4.1)

PLATFORMS
  ruby

DEPENDENCIES
  eventmachine!
  haml
  sinatra
  sinatra-respond_to
  thin
